GEM
  remote: https://rubygems.org/
  specs:
    chronic (0.10.2)
    mustermann (1.1.1)
      ruby2_keywords (~> 0.0.1)
    rack (2.2.3)
    rack-protection (2.1.0)
      rack
    ruby2_keywords (0.0.5)
    sinatra (2.1.0)
      mustermann (~> 1.0)
      rack (~> 2.2)
      rack-protection (= 2.1.0)
      tilt (~> 2.0)
    tilt (2.0.10)

PLATFORMS
  arm64-darwin-21
  x86_64-linux

DEPENDENCIES
  chronic (~> 0.10.2)
  sinatra (~> 2.1)

RUBY VERSION
   ruby 2.7.5p203

BUNDLED WITH
   2.3.5
